GEM
  remote: https://rubygems.org/
  specs:
    mini_cache (1.1.0)

PLATFORMS
  ruby

DEPENDENCIES
  mini_cache

BUNDLED WITH
   2.0.1
